PATH
  remote: .
  specs:
    advent2021 (0.1.0)

GEM
  remote: https://rubygems.org/
  specs:
    rake (13.0.6)

PLATFORMS
  x64-mingw32

DEPENDENCIES
  advent2021!
  rake (~> 13.0)

BUNDLED WITH
   2.2.32
